GIT
  remote: https://github.com/twocabbages/capistrano-scm-copy.git
  revision: d8c3917c09c678e580a9054109cecc5fbadd35da
  branch: master
  specs:
    capistrano-scm-copy (0.2.0)
      capistrano (~> 3.0)

GEM
  remote: http://ruby.taobao.org/
  specs:
    capistrano (3.4.0)
      i18n
      rake (>= 10.0.0)
      sshkit (~> 1.3)
    colorize (0.7.7)
    i18n (0.7.0)
    net-scp (1.2.1)
      net-ssh (>= 2.6.5)
    net-ssh (2.9.2)
    rake (10.4.2)
    sshkit (1.7.1)
      colorize (>= 0.7.0)
      net-scp (>= 1.1.2)
      net-ssh (>= 2.8.0)

PLATFORMS
  ruby

DEPENDENCIES
  capistrano (~> 3.4.0)
  capistrano-scm-copy!
